PATH
  remote: .
  specs:
    mina-sidekiq (0.2.0)
      mina

GEM
  remote: http://www.rubygems.org/
  specs:
    mina (0.3.0)
      open4
      rake
    open4 (1.3.0)
    rake (10.1.0)

PLATFORMS
  ruby

DEPENDENCIES
  mina-sidekiq!
