PATH
  remote: .
  specs:
    mina-sidekiq (0.3.1)
      mina

GEM
  remote: http://www.rubygems.org/
  specs:
    mina (0.3.1)
      open4 (~> 1.3.4)
      rake
    open4 (1.3.4)
    rake (10.4.2)

PLATFORMS
  ruby

DEPENDENCIES
  mina-sidekiq!
